PATH
  remote: vendor/gems/datanoise-actionwebservice-2.3.2
  specs:
    datanoise-actionwebservice (2.3.2)

PATH
  remote: vendor/gems/highline-1.5.0
  specs:
    highline (1.5.0)

PATH
  remote: vendor/gems/ruby-openid-2.1.2
  specs:
    ruby-openid (2.1.2)

PATH
  remote: vendor/gems/soap4r-1.5.8
  specs:
    soap4r (1.5.8)

GEM
  remote: http://rubygems.org/
  specs:
    RedCloth (4.2.7)
    ZenTest (4.5.0)
    actionmailer (2.3.11)
      actionpack (= 2.3.11)
    actionpack (2.3.11)
      activesupport (= 2.3.11)
      rack (~> 1.1.0)
    activerecord (2.3.11)
      activesupport (= 2.3.11)
    activeresource (2.3.11)
      activesupport (= 2.3.11)
    activesupport (2.3.11)
    builder (2.1.2)
    cgi_multipart_eof_fix (2.5.0)
    cucumber (0.9.4)
      builder (~> 2.1.2)
      diff-lcs (~> 1.1.2)
      gherkin (~> 2.2.9)
      json (~> 1.4.6)
      term-ansicolor (~> 1.0.5)
    cucumber-rails (0.3.2)
      cucumber (>= 0.8.0)
    daemons (1.1.0)
    database_cleaner (0.6.4)
    diff-lcs (1.1.2)
    eventmachine (0.12.10)
    factory_girl (1.3.3)
    fastthread (1.0.7)
    flexmock (0.9.0)
    gem_plugin (0.2.3)
    gherkin (2.2.9)
      json (~> 1.4.6)
      term-ansicolor (~> 1.0.5)
    has_many_polymorphs (2.13)
      activerecord
    hoe (2.9.1)
      rake (>= 0.8.7)
    hpricot (0.8.4)
    json (1.4.6)
    mongrel (1.1.5)
      cgi_multipart_eof_fix (>= 2.4)
      daemons (>= 1.0.3)
      fastthread (>= 1.0.1)
      gem_plugin (>= 0.2.3)
    nokogiri (1.4.4)
    pg (0.10.1)
    rack (1.1.0)
    rack-test (0.5.7)
      rack (>= 1.0)
    rails (2.3.11)
      actionmailer (= 2.3.11)
      actionpack (= 2.3.11)
      activerecord (= 2.3.11)
      activeresource (= 2.3.11)
      activesupport (= 2.3.11)
      rake (>= 0.8.3)
    rake (0.8.7)
    rspec (2.0.1)
      rspec-core (~> 2.0.1)
      rspec-expectations (~> 2.0.1)
      rspec-mocks (~> 2.0.1)
    rspec-core (2.0.1)
    rspec-expectations (2.0.1)
      diff-lcs (>= 1.1.2)
    rspec-mocks (2.0.1)
      rspec-core (~> 2.0.1)
      rspec-expectations (~> 2.0.1)
    rspec-rails (2.0.1)
      rspec (~> 2.0.0)
    rubycas-client (2.2.1)
      activesupport
    sanitize (2.0.0)
      nokogiri (~> 1.4.4)
    selenium-client (1.2.18)
    sqlite3 (1.3.3)
    term-ansicolor (1.0.5)
    thin (1.2.8)
      daemons (>= 1.0.9)
      eventmachine (>= 0.12.6)
      rack (>= 1.0.0)
    webrat (0.7.3)
      nokogiri (>= 1.2.0)
      rack (>= 1.0)
      rack-test (>= 0.5.3)
    will_paginate (2.3.15)

PLATFORMS
  ruby

DEPENDENCIES
  RedCloth
  ZenTest (>= 4.0.0)
  cucumber (< 0.10.0)
  cucumber-rails (>= 0.3.2)
  database_cleaner (>= 0.5.0)
  datanoise-actionwebservice (= 2.3.2)!
  factory_girl
  flexmock
  gherkin (= 2.2.9)
  has_many_polymorphs
  highline (= 1.5.0)!
  hoe
  hpricot
  mongrel
  pg (>= 0.10.0)
  rack (= 1.1.0)
  rails (= 2.3.11)
  rspec-rails (< 2.1.0)
  ruby-openid (= 2.1.2)!
  rubycas-client
  sanitize
  selenium-client
  soap4r (= 1.5.8)!
  sqlite3
  thin (>= 1.2.7)
  webrat (>= 0.7.0)
  will_paginate (>= 2.3.15)
